GEM
  remote: http://rubygems.org/
  specs:
    git_remote_branch (0.3.3)
      rainbow
    grb (0.4.1)
    rainbow (1.1.3)

PLATFORMS
  ruby

DEPENDENCIES
  git_remote_branch
  grb
